GEM
  remote: https://rubygems.org/
  specs:
    faraday (0.16.2)
      multipart-post (>= 1.2, < 3)
    mini_portile2 (2.8.0)
    multipart-post (2.1.1)
    nokogiri (1.13.5)
      mini_portile2 (~> 2.8.0)
      racc (~> 1.4)
    racc (1.6.0)

PLATFORMS
  ruby

DEPENDENCIES
  faraday
  nokogiri

BUNDLED WITH
   1.17.2
